PATH
  remote: .
  specs:
    tweakable (0.1.0)

GEM
  remote: https://rubygems.org/
  specs:
    minitest (5.15.0)
    rake (13.0.6)

PLATFORMS
  arm64-darwin-21

DEPENDENCIES
  minitest (~> 5)
  rake (~> 13.0)
  tweakable!

BUNDLED WITH
   2.3.16
